PATH
  remote: .
  specs:
    interview-ruby (0.1.0)

GEM
  remote: https://rubygems.org/
  specs:
    benchmark-perf (0.2.1)
    codeclimate-test-reporter (1.0.8)
      simplecov (<= 0.13)
    complexity_assert (0.1.0)
      rspec (~> 3.5)
    diff-lcs (1.3)
    docile (1.1.5)
    json (2.1.0)
    rake (10.5.0)
    rspec (3.5.0)
      rspec-core (~> 3.5.0)
      rspec-expectations (~> 3.5.0)
      rspec-mocks (~> 3.5.0)
    rspec-benchmark (0.3.0)
      benchmark-perf (~> 0.2.0)
      rspec (>= 3.0.0, < 4.0.0)
    rspec-core (3.5.4)
      rspec-support (~> 3.5.0)
    rspec-expectations (3.5.0)
      diff-lcs (>= 1.2.0, < 2.0)
      rspec-support (~> 3.5.0)
    rspec-its (1.2.0)
      rspec-core (>= 3.0.0)
      rspec-expectations (>= 3.0.0)
    rspec-mocks (3.5.0)
      diff-lcs (>= 1.2.0, < 2.0)
      rspec-support (~> 3.5.0)
    rspec-support (3.5.0)
    simplecov (0.13.0)
      docile (~> 1.1.0)
      json (>= 1.8, < 3)
      simplecov-html (~> 0.10.0)
    simplecov-html (0.10.0)

PLATFORMS
  ruby

DEPENDENCIES
  bundler
  codeclimate-test-reporter
  complexity_assert
  interview-ruby!
  rake
  rspec
  rspec-benchmark
  rspec-its
  simplecov

BUNDLED WITH
   1.14.6
